GIT
  remote: git://github.com/activeadmin/activeadmin.git
  revision: e3a7354c0196743e2462bdc27c591e8285d110b0
  specs:
    activeadmin (1.0.0.pre1)
      arbre (~> 1.0, >= 1.0.2)
      bourbon
      coffee-rails
      formtastic (~> 3.1)
      formtastic_i18n
      inherited_resources (~> 1.6)
      jquery-rails
      jquery-ui-rails (~> 5.0)
      kaminari (~> 0.15)
      rails (>= 3.2, < 5.0)
      ransack (~> 1.3)
      sass-rails

GEM
  remote: https://rubygems.org/
  specs:
    actionmailer (3.2.16)
      actionpack (= 3.2.16)
      mail (~> 2.5.4)
    actionpack (3.2.16)
      activemodel (= 3.2.16)
      activesupport (= 3.2.16)
      builder (~> 3.0.0)
      erubis (~> 2.7.0)
      journey (~> 1.0.4)
      rack (~> 1.4.5)
      rack-cache (~> 1.2)
      rack-test (~> 0.6.1)
      sprockets (~> 2.2.1)
    active_skin (0.0.8)
    activemodel (3.2.16)
      activesupport (= 3.2.16)
      builder (~> 3.0.0)
    activerecord (3.2.16)
      activemodel (= 3.2.16)
      activesupport (= 3.2.16)
      arel (~> 3.0.2)
      tzinfo (~> 0.3.29)
    activeresource (3.2.16)
      activemodel (= 3.2.16)
      activesupport (= 3.2.16)
    activesupport (3.2.16)
      i18n (~> 0.6, >= 0.6.4)
      multi_json (~> 1.0)
    arbre (1.0.3)
      activesupport (>= 3.0.0)
    arel (3.0.3)
    aws-sdk (1.64.0)
      aws-sdk-v1 (= 1.64.0)
    aws-sdk-v1 (1.64.0)
      json (~> 1.4)
      nokogiri (>= 1.4.4)
    bcrypt (3.1.10)
    bourbon (4.2.1)
      sass (~> 3.4)
      thor
    builder (3.0.4)
    climate_control (0.0.3)
      activesupport (>= 3.0)
    cocaine (0.5.7)
      climate_control (>= 0.0.3, < 1.0)
    coffee-rails (3.2.2)
      coffee-script (>= 2.2.0)
      railties (~> 3.2.0)
    coffee-script (2.3.0)
      coffee-script-source
      execjs
    coffee-script-source (1.9.1)
    devise (3.4.1)
      bcrypt (~> 3.0)
      orm_adapter (~> 0.1)
      railties (>= 3.2.6, < 5)
      responders
      thread_safe (~> 0.1)
      warden (~> 1.2.3)
    erubis (2.7.0)
    execjs (2.4.0)
    formtastic (3.1.3)
      actionpack (>= 3.2.13)
    formtastic_i18n (0.2.0)
    groupdate (2.4.0)
      activesupport (>= 3)
    has_scope (0.6.0)
      actionpack (>= 3.2, < 5)
      activesupport (>= 3.2, < 5)
    hike (1.2.3)
    i18n (0.7.0)
    inherited_resources (1.6.0)
      actionpack (>= 3.2, < 5)
      has_scope (~> 0.6.0.rc)
      railties (>= 3.2, < 5)
      responders
    journey (1.0.4)
    jquery-rails (3.1.2)
      railties (>= 3.0, < 5.0)
      thor (>= 0.14, < 2.0)
    jquery-ui-rails (5.0.3)
      railties (>= 3.2.16)
    json (1.8.2)
    kaminari (0.16.3)
      actionpack (>= 3.0.0)
      activesupport (>= 3.0.0)
    kgio (2.9.3)
    mail (2.5.4)
      mime-types (~> 1.16)
      treetop (~> 1.4.8)
    mime-types (1.25.1)
    mini_portile (0.6.2)
    multi_json (1.11.0)
    nokogiri (1.6.6.2)
      mini_portile (~> 0.6.0)
    orm_adapter (0.5.0)
    paperclip (4.2.1)
      activemodel (>= 3.0.0)
      activesupport (>= 3.0.0)
      cocaine (~> 0.5.3)
      mime-types
    pg (0.18.1)
    polyamorous (1.1.0)
      activerecord (>= 3.0)
    polyglot (0.3.5)
    rack (1.4.5)
    rack-cache (1.2)
      rack (>= 0.4)
    rack-ssl (1.3.4)
      rack
    rack-test (0.6.3)
      rack (>= 1.0)
    rails (3.2.16)
      actionmailer (= 3.2.16)
      actionpack (= 3.2.16)
      activerecord (= 3.2.16)
      activeresource (= 3.2.16)
      activesupport (= 3.2.16)
      bundler (~> 1.0)
      railties (= 3.2.16)
    rails-i18n (3.0.1)
      i18n (~> 0.5)
      rails (>= 3.0.0, < 4.0.0)
    railties (3.2.16)
      actionpack (= 3.2.16)
      activesupport (= 3.2.16)
      rack-ssl (~> 1.3.2)
      rake (>= 0.8.7)
      rdoc (~> 3.4)
      thor (>= 0.14.6, < 2.0)
    raindrops (0.13.0)
    rake (10.4.2)
    ransack (1.6.4)
      actionpack (>= 3.0)
      activerecord (>= 3.0)
      activesupport (>= 3.0)
      i18n
      polyamorous (~> 1.1)
    rdoc (3.12.2)
      json (~> 1.4)
    responders (1.1.2)
      railties (>= 3.2, < 4.2)
    sass (3.4.13)
    sass-rails (3.2.6)
      railties (~> 3.2.0)
      sass (>= 3.1.10)
      tilt (~> 1.3)
    sprockets (2.2.3)
      hike (~> 1.2)
      multi_json (~> 1.0)
      rack (~> 1.0)
      tilt (~> 1.1, != 1.3.0)
    thor (0.19.1)
    thread_safe (0.3.5)
    tilt (1.4.1)
    treetop (1.4.15)
      polyglot
      polyglot (>= 0.3.1)
    tzinfo (0.3.43)
    uglifier (2.7.1)
      execjs (>= 0.3.0)
      json (>= 1.8.0)
    unicorn (4.9.0)
      kgio (~> 2.6)
      rack
      raindrops (~> 0.7)
    warden (1.2.3)
      rack (>= 1.0)

PLATFORMS
  ruby

DEPENDENCIES
  active_skin
  activeadmin!
  aws-sdk (< 2.0)
  coffee-rails (~> 3.2.1)
  devise
  groupdate
  jquery-rails
  paperclip (~> 4.2)
  pg
  rails (= 3.2.16)
  rails-i18n (~> 3.0.0)
  sass-rails (~> 3.2.3)
  uglifier (>= 1.0.3)
  unicorn
